PATH
  remote: .
  specs:
    rack-webconsole (0.0.1)
      rack

GEM
  remote: http://rubygems.org/
  specs:
    bluecloth (2.1.0)
    minitest (2.3.1)
    mocha (0.9.12)
    purdytest (1.0.0)
      minitest (~> 2.2)
    rack (1.3.1)
    rake (0.9.2)
    simplecov (0.4.2)
      simplecov-html (~> 0.4.4)
    simplecov-html (0.4.5)
    yard (0.7.2)

PLATFORMS
  ruby

DEPENDENCIES
  bluecloth
  minitest
  mocha
  purdytest
  rack-webconsole!
  rake
  simplecov
  yard
